PATH
  remote: infra/provisioner
  specs:
    provisioner (0.0.1)
      aws-sdk-ecs (~> 1.65)
      dry-matcher (~> 0.8.3)
      dry-monads (~> 1.3, >= 1.3.5)
      dry-validation (~> 1.5, >= 1.5.1)
      rake (~> 13.0, >= 13.0.1)

GEM
  remote: https://rubygems.org/
  specs:
    activemodel (6.0.3.1)
      activesupport (= 6.0.3.1)
    activerecord (6.0.3.1)
      activemodel (= 6.0.3.1)
      activesupport (= 6.0.3.1)
    activesupport (6.0.3.1)
      concurrent-ruby (~> 1.0, >= 1.0.2)
      i18n (>= 0.7, < 2)
      minitest (~> 5.1)
      tzinfo (~> 1.1)
      zeitwerk (~> 2.2, >= 2.2.2)
    addressable (2.7.0)
      public_suffix (>= 2.0.2, < 5.0)
    aws-eventstream (1.1.0)
    aws-partitions (1.354.0)
    aws-sdk-core (3.104.3)
      aws-eventstream (~> 1, >= 1.0.2)
      aws-partitions (~> 1, >= 1.239.0)
      aws-sigv4 (~> 1.1)
      jmespath (~> 1.0)
    aws-sdk-ecs (1.67.0)
      aws-sdk-core (~> 3, >= 3.99.0)
      aws-sigv4 (~> 1.1)
    aws-sigv4 (1.2.1)
      aws-eventstream (~> 1, >= 1.0.2)
    backports (3.17.0)
    capybara (2.18.0)
      addressable
      mini_mime (>= 0.1.3)
      nokogiri (>= 1.3.3)
      rack (>= 1.0.0)
      rack-test (>= 0.5.4)
      xpath (>= 2.0, < 4.0)
    concurrent-ruby (1.1.7)
    database_cleaner (1.8.2)
    database_cleaner-active_record (1.8.0)
      activerecord
      database_cleaner (~> 1.8.0)
    diff-lcs (1.3)
    dry-configurable (0.11.6)
      concurrent-ruby (~> 1.0)
      dry-core (~> 0.4, >= 0.4.7)
      dry-equalizer (~> 0.2)
    dry-container (0.7.2)
      concurrent-ruby (~> 1.0)
      dry-configurable (~> 0.1, >= 0.1.3)
    dry-core (0.4.9)
      concurrent-ruby (~> 1.0)
    dry-equalizer (0.3.0)
    dry-inflector (0.2.0)
    dry-initializer (3.0.3)
    dry-logic (1.0.7)
      concurrent-ruby (~> 1.0)
      dry-core (~> 0.2)
      dry-equalizer (~> 0.2)
    dry-matcher (0.8.3)
      dry-core (>= 0.4.8)
    dry-monads (1.3.5)
      concurrent-ruby (~> 1.0)
      dry-core (~> 0.4, >= 0.4.4)
      dry-equalizer
    dry-schema (1.5.4)
      concurrent-ruby (~> 1.0)
      dry-configurable (~> 0.8, >= 0.8.3)
      dry-core (~> 0.4)
      dry-equalizer (~> 0.2)
      dry-initializer (~> 3.0)
      dry-logic (~> 1.0)
      dry-types (~> 1.4)
    dry-types (1.4.0)
      concurrent-ruby (~> 1.0)
      dry-container (~> 0.3)
      dry-core (~> 0.4, >= 0.4.4)
      dry-equalizer (~> 0.3)
      dry-inflector (~> 0.1, >= 0.1.2)
      dry-logic (~> 1.0, >= 1.0.2)
    dry-validation (1.5.6)
      concurrent-ruby (~> 1.0)
      dry-container (~> 0.7, >= 0.7.1)
      dry-core (~> 0.4)
      dry-equalizer (~> 0.2)
      dry-initializer (~> 3.0)
      dry-schema (~> 1.5, >= 1.5.2)
    factory_bot (5.1.1)
      activesupport (>= 4.2.0)
    haml (5.1.2)
      temple (>= 0.8.0)
      tilt
    i18n (1.8.3)
      concurrent-ruby (~> 1.0)
    jmespath (1.4.0)
    mini_mime (1.0.2)
    mini_portile2 (2.4.0)
    minitest (5.14.1)
    multi_json (1.14.1)
    mustermann (1.1.1)
      ruby2_keywords (~> 0.0.1)
    nio4r (2.5.2)
    nokogiri (1.10.9)
      mini_portile2 (~> 2.4.0)
    public_suffix (4.0.3)
    puma (4.3.5)
      nio4r (~> 2.0)
    rack (2.2.3)
    rack-protection (2.0.8.1)
      rack
    rack-test (1.1.0)
      rack (>= 1.0, < 3)
    rake (13.0.1)
    rspec (3.9.0)
      rspec-core (~> 3.9.0)
      rspec-expectations (~> 3.9.0)
      rspec-mocks (~> 3.9.0)
    rspec-core (3.9.1)
      rspec-support (~> 3.9.1)
    rspec-expectations (3.9.0)
      diff-lcs (>= 1.2.0, < 2.0)
      rspec-support (~> 3.9.0)
    rspec-mocks (3.9.1)
      diff-lcs (>= 1.2.0, < 2.0)
      rspec-support (~> 3.9.0)
    rspec-support (3.9.2)
    ruby2_keywords (0.0.2)
    sinatra (2.0.8.1)
      mustermann (~> 1.0)
      rack (~> 2.0)
      rack-protection (= 2.0.8.1)
      tilt (~> 2.0)
    sinatra-contrib (2.0.8.1)
      backports (>= 2.8.2)
      multi_json
      mustermann (~> 1.0)
      rack-protection (= 2.0.8.1)
      sinatra (= 2.0.8.1)
      tilt (~> 2.0)
    sqlite3 (1.4.2)
    temple (0.8.2)
    thread_safe (0.3.6)
    tilt (2.0.10)
    tzinfo (1.2.7)
      thread_safe (~> 0.1)
    xpath (3.2.0)
      nokogiri (~> 1.8)
    zeitwerk (2.3.0)

PLATFORMS
  ruby

DEPENDENCIES
  activemodel (~> 6.0, >= 6.0.3.1)
  activerecord (~> 6.0, >= 6.0.3.1)
  capybara (~> 2.7, >= 2.7.1)
  database_cleaner-active_record (~> 1.8)
  dry-monads (~> 1.3, >= 1.3.5)
  dry-validation (~> 1.5, >= 1.5.6)
  factory_bot (~> 5.1, >= 5.1.1)
  haml (~> 5.1, >= 5.1.2)
  provisioner!
  puma (~> 4.3)
  rack-test (~> 1.1)
  rake (~> 13.0, >= 13.0.1)
  rspec (~> 3.9)
  sinatra (~> 2.0, >= 2.0.8.1)
  sinatra-contrib (~> 2.0, >= 2.0.8.1)
  sqlite3 (~> 1.4, >= 1.4.2)

RUBY VERSION
   ruby 2.7.0p0

BUNDLED WITH
   2.1.2
